GEM
  remote: https://rubygems.org/
  specs:
    ago (0.1.5)
    awrence (1.1.0)
    backports (3.15.0)
    faraday (0.13.1)
      multipart-post (>= 1.2, < 3)
    faraday_middleware (0.10.1)
      faraday (>= 0.7.4, < 1.0)
    haml (5.1.2)
      temple (>= 0.8.0)
      tilt
    multi_json (1.13.1)
    multipart-post (2.1.1)
    mustermann (1.0.3)
    nio4r (2.5.7)
    pdf-core (0.7.0)
    plissken (1.3.0)
    prawn (2.2.2)
      pdf-core (~> 0.7.0)
      ttfunk (~> 1.5)
    puma (4.3.8)
      nio4r (~> 2.0)
    rack (2.0.7)
    rack-protection (2.0.7)
      rack
    sinatra (2.0.7)
      mustermann (~> 1.0)
      rack (~> 2.0)
      rack-protection (= 2.0.7)
      tilt (~> 2.0)
    sinatra-contrib (2.0.7)
      backports (>= 2.8.2)
      multi_json
      mustermann (~> 1.0)
      rack-protection (= 2.0.7)
      sinatra (= 2.0.7)
      tilt (~> 2.0)
    sinatra-flash (0.3.0)
      sinatra (>= 1.0.0)
    sinatra-reloader (1.0)
      sinatra-contrib
    smartsheet (2.77.2)
      awrence (~> 1.0)
      faraday (~> 0.13.1)
      faraday_middleware (~> 0.10.0)
      plissken (~> 1.2)
    temple (0.8.2)
    tilt (2.0.9)
    ttfunk (1.5.1)

PLATFORMS
  ruby

DEPENDENCIES
  ago
  haml
  prawn
  puma
  sinatra
  sinatra-contrib
  sinatra-flash
  sinatra-reloader
  smartsheet

BUNDLED WITH
   2.0.2
